GEM
  remote: https://rubygems.org/
  specs:
    icalendar (1.2.2)
    json (1.7.7)
    mime-types (1.21)
    rake (0.9.2.2)
    rest-client (1.6.7)
      mime-types (>= 1.16)

PLATFORMS
  ruby

DEPENDENCIES
  icalendar
  json
  rake
  rest-client
