GEM
  remote: https://rubygems.org/
  specs:
    icalendar (1.2.2)
    rake (0.9.2.2)

PLATFORMS
  ruby

DEPENDENCIES
  icalendar
  rake
