GIT
  remote: https://github.com/icalendar/icalendar.git
  revision: 9113f8383e330ea265f3824ec3c289c15dc0c338
  specs:
    icalendar (1.3.0)

GEM
  remote: https://rubygems.org/
  specs:
    json (1.7.7)
    mime-types (1.21)
    rake (0.9.2.2)
    rest-client (1.6.7)
      mime-types (>= 1.16)

PLATFORMS
  ruby

DEPENDENCIES
  icalendar!
  json
  rake
  rest-client
